GEM
  remote: https://rubygems.org/
  specs:
    mail (2.6.1)
      mime-types (>= 1.16, < 3)
    mime (0.4.2)
    mime-types (2.3)
    ruby-gmail (0.3.1)
      mail (>= 2.2.1)
      mime (>= 0.1)
      shared-mime-info
    serialport (1.3.1)
    shared-mime-info (0.2.5)
    tmail (1.2.7.1)

PLATFORMS
  ruby

DEPENDENCIES
  mime
  ruby-gmail
  serialport
  tmail
